PATH
  remote: .
  specs:
    sud (1.0.0.pre.alpha)

GEM
  remote: https://rubygems.org/
  specs:

PLATFORMS
  ruby

DEPENDENCIES
  sud!

BUNDLED WITH
   2.1.4
